REDIRECTS: ON
FRAMEWORK: >= NET45
NUGET
  remote: https://www.nuget.org/api/v2
    FSharp.Core (4.1.17)
      System.ValueTuple (>= 4.3)
    FsPickler (3.1)
    System.ValueTuple (4.3.1)
    Unquote (2.2.2)

GROUP Build
REDIRECTS: ON
FRAMEWORK: >= NET45
NUGET
  remote: https://www.nuget.org/api/v2
    FAKE (4.61.3)
    NuGet.CommandLine (4.1)
    Octokit (0.24)
GITHUB
  remote: fsharp/FAKE
    modules/Octokit/Octokit.fsx (574f6259c4abec2ae45b8c888aa1bdc9b5d4e842)
      Octokit (>= 0.20)
GROUP Test
REDIRECTS: ON
FRAMEWORK: >= NET45
NUGET
  remote: https://www.nuget.org/api/v2
    FSharp.Core (4.1.17)
      System.ValueTuple (>= 4.3)
    FsUnit (1.3.0.1)
      NUnit (>= 2.6.3)
    NUnit (2.6.4)
    NUnit.Runners (2.6.4)
    System.ValueTuple (4.3.1)
