REDIRECTS: ON
NUGET
  remote: https://www.nuget.org/api/v2
    FAKE (4.61.3)
    FsPickler (3.0)
    FsUnit (1.3.0.1)
      NUnit (>= 2.6.3)
    Microsoft.Bcl (1.1.10) - framework: net10, net11, net20, net30, net35, net40, net40-full
      Microsoft.Bcl.Build (>= 1.0.14)
    Microsoft.Bcl.Build (1.0.21) - import_targets: false, framework: net10, net11, net20, net30, net35, net40, net40-full
    Microsoft.Net.Http (2.2.29) - framework: net10, net11, net20, net30, net35, net40, net40-full
      Microsoft.Bcl (>= 1.1.10)
      Microsoft.Bcl.Build (>= 1.0.14)
    NuGet.CommandLine (4.1)
    NUnit (2.6.4)
    NUnit.Runners (2.6.4)
    Octokit (0.24)
      Microsoft.Net.Http  - framework: net10, net11, net20, net30, net35, net40, net40-full
    Unquote (2.2.2)
GITHUB
  remote: fsharp/FAKE
    modules/Octokit/Octokit.fsx (574f6259c4abec2ae45b8c888aa1bdc9b5d4e842)
      Octokit (>= 0.20)