REDIRECTS: ON
NUGET
  remote: https://nuget.org/api/v2
  specs:
    FAKE (4.10.3)
    FsPickler (1.6.2)
    FsUnit (1.3.0.1)
      NUnit (>= 2.6.3)
    Microsoft.Bcl (1.1.10)
      Microsoft.Bcl.Build (>= 1.0.14)
    Microsoft.Bcl.Build (1.0.21) - import_targets: false
    Microsoft.Net.Http (2.2.29)
      Microsoft.Bcl (>= 1.1.10)
      Microsoft.Bcl.Build (>= 1.0.14)
    NuGet.CommandLine (3.3.0)
    NUnit (2.6.3)
    Octokit (0.17.0)
      Microsoft.Net.Http
    Unquote (2.2.2)
GITHUB
  remote: fsharp/FAKE
  specs:
    modules/Octokit/Octokit.fsx (917a86046700e4eaaa2aa09de7895e048eaaa1b1)
      Octokit