REDIRECTS: ON
RESTRICTION: >= net45
NUGET
  remote: https://www.nuget.org/api/v2
    FSharp.Core (4.1.18)
      System.Collections (>= 4.0.11) - restriction: && (>= net45) (>= netstandard1.6)
      System.Console (>= 4.0) - restriction: && (>= net45) (>= netstandard1.6)
      System.Diagnostics.Debug (>= 4.0.11) - restriction: && (>= net45) (>= netstandard1.6)
      System.Diagnostics.Tools (>= 4.0.1) - restriction: && (>= net45) (>= netstandard1.6)
      System.Globalization (>= 4.0.11) - restriction: && (>= net45) (>= netstandard1.6)
      System.IO (>= 4.1) - restriction: && (>= net45) (>= netstandard1.6)
      System.Linq (>= 4.1) - restriction: && (>= net45) (>= netstandard1.6)
      System.Linq.Expressions (>= 4.1) - restriction: && (>= net45) (>= netstandard1.6)
      System.Linq.Queryable (>= 4.0.1) - restriction: && (>= net45) (>= netstandard1.6)
      System.Net.Requests (>= 4.0.11) - restriction: && (>= net45) (>= netstandard1.6)
      System.Reflection (>= 4.1) - restriction: && (>= net45) (>= netstandard1.6)
      System.Reflection.Extensions (>= 4.0.1) - restriction: && (>= net45) (>= netstandard1.6)
      System.Resources.ResourceManager (>= 4.0.1) - restriction: && (>= net45) (>= netstandard1.6)
      System.Runtime (>= 4.1) - restriction: && (>= net45) (>= netstandard1.6)
      System.Runtime.Extensions (>= 4.1) - restriction: && (>= net45) (>= netstandard1.6)
      System.Runtime.Numerics (>= 4.0.1) - restriction: && (>= net45) (>= netstandard1.6)
      System.Text.RegularExpressions (>= 4.1) - restriction: && (>= net45) (>= netstandard1.6)
      System.Threading (>= 4.0.11) - restriction: && (>= net45) (>= netstandard1.6)
      System.Threading.Tasks (>= 4.0.11) - restriction: && (>= net45) (>= netstandard1.6)
      System.Threading.Tasks.Parallel (>= 4.0.1) - restriction: && (>= net45) (>= netstandard1.6)
      System.Threading.Thread (>= 4.0) - restriction: && (>= net45) (>= netstandard1.6)
      System.Threading.ThreadPool (>= 4.0.10) - restriction: && (>= net45) (>= netstandard1.6)
      System.Threading.Timer (>= 4.0.1) - restriction: && (>= net45) (>= netstandard1.6)
    FsPickler (4.0)
      FSharp.Core (>= 3.1)
    System.Collections (4.3) - restriction: && (>= net45) (>= netstandard1.6)
    System.Console (4.3) - restriction: && (>= net45) (>= netstandard1.6)
    System.Diagnostics.Debug (4.3) - restriction: && (>= net45) (>= netstandard1.6)
    System.Diagnostics.Tools (4.3) - restriction: && (>= net45) (>= netstandard1.6)
    System.Globalization (4.3) - restriction: && (>= net45) (>= netstandard1.6)
    System.IO (4.3) - restriction: && (>= net45) (>= netstandard1.6)
    System.Linq (4.3) - restriction: && (>= net45) (>= netstandard1.6)
      System.Collections (>= 4.3) - restriction: || (&& (>= dnxcore50) (>= net45)) (&& (>= net45) (>= netstandard1.6))
      System.Diagnostics.Debug (>= 4.3) - restriction: || (&& (>= dnxcore50) (>= net45)) (&& (>= net45) (>= netstandard1.6))
      System.Resources.ResourceManager (>= 4.3) - restriction: || (&& (>= dnxcore50) (>= net45)) (&& (>= net45) (>= netstandard1.6))
      System.Runtime (>= 4.3) - restriction: || (&& (>= dnxcore50) (>= net45)) (&& (>= net45) (>= netstandard1.6))
      System.Runtime.Extensions (>= 4.3) - restriction: || (&& (>= dnxcore50) (>= net45)) (&& (>= net45) (>= netstandard1.6))
    System.Linq.Expressions (4.3) - restriction: && (>= net45) (>= netstandard1.6)
      System.Collections (>= 4.3) - restriction: || (&& (>= dnxcore50) (>= net45)) (&& (>= net45) (>= netstandard1.6))
      System.Diagnostics.Debug (>= 4.3) - restriction: || (&& (>= dnxcore50) (>= net45)) (&& (>= net45) (>= netstandard1.6))
      System.Globalization (>= 4.3) - restriction: || (&& (>= dnxcore50) (>= net45)) (&& (>= net45) (>= netstandard1.6))
      System.IO (>= 4.3) - restriction: || (&& (>= dnxcore50) (>= net45)) (&& (>= net45) (>= netstandard1.6))
      System.Linq (>= 4.3) - restriction: || (&& (>= dnxcore50) (>= net45)) (&& (>= net45) (>= netstandard1.6))
      System.ObjectModel (>= 4.3) - restriction: && (>= net45) (>= netstandard1.6)
      System.Reflection (>= 4.3) - restriction: || (&& (>= dnxcore50) (>= net45)) (&& (>= net45) (>= netstandard1.6))
      System.Reflection.Emit (>= 4.3) - restriction: && (>= net45) (>= netstandard1.6)
      System.Reflection.Emit.ILGeneration (>= 4.3) - restriction: || (&& (>= dnxcore50) (>= net45)) (&& (>= net45) (>= netstandard1.6))
      System.Reflection.Emit.Lightweight (>= 4.3) - restriction: || (&& (>= dnxcore50) (>= net45)) (&& (>= net45) (>= netstandard1.6))
      System.Reflection.Extensions (>= 4.3) - restriction: || (&& (>= dnxcore50) (>= net45)) (&& (>= net45) (>= netstandard1.6))
      System.Reflection.Primitives (>= 4.3) - restriction: || (&& (>= dnxcore50) (>= net45)) (&& (>= net45) (>= netstandard1.6))
      System.Reflection.TypeExtensions (>= 4.3) - restriction: || (&& (>= dnxcore50) (>= net45)) (&& (>= net45) (>= netstandard1.6))
      System.Resources.ResourceManager (>= 4.3) - restriction: || (&& (>= dnxcore50) (>= net45)) (&& (>= net45) (>= netstandard1.6))
      System.Runtime (>= 4.3) - restriction: || (&& (>= dnxcore50) (>= net45)) (&& (>= net45) (>= netstandard1.6))
      System.Runtime.Extensions (>= 4.3) - restriction: || (&& (>= dnxcore50) (>= net45)) (&& (>= net45) (>= netstandard1.6))
      System.Threading (>= 4.3) - restriction: || (&& (>= dnxcore50) (>= net45)) (&& (>= net45) (>= netstandard1.6))
    System.Linq.Queryable (4.3) - restriction: && (>= net45) (>= netstandard1.6)
    System.Net.Requests (4.3) - restriction: && (>= net45) (>= netstandard1.6)
    System.ObjectModel (4.3) - restriction: && (>= net45) (>= netstandard1.6)
    System.Reflection (4.3) - restriction: && (>= net45) (>= netstandard1.6)
    System.Reflection.Emit (4.3) - restriction: && (>= net45) (>= netstandard1.6)
    System.Reflection.Emit.ILGeneration (4.3) - restriction: && (>= net45) (>= netstandard1.6)
    System.Reflection.Emit.Lightweight (4.3) - restriction: && (>= net45) (>= netstandard1.6)
    System.Reflection.Extensions (4.3) - restriction: && (>= net45) (>= netstandard1.6)
    System.Reflection.Primitives (4.3) - restriction: && (>= net45) (>= netstandard1.6)
    System.Reflection.TypeExtensions (4.4) - restriction: && (>= net45) (>= netstandard1.6)
    System.Resources.ResourceManager (4.3) - restriction: && (>= net45) (>= netstandard1.6)
    System.Runtime (4.3) - restriction: || (&& (>= net45) (>= netcoreapp1.1)) (&& (>= net45) (>= netstandard1.6))
    System.Runtime.Extensions (4.3) - restriction: && (>= net45) (>= netstandard1.6)
    System.Runtime.Numerics (4.3) - restriction: && (>= net45) (>= netstandard1.6)
    System.Text.RegularExpressions (4.3) - restriction: && (>= net45) (>= netstandard1.6)
      System.Collections (>= 4.3) - restriction: || (&& (>= dnxcore50) (>= net45)) (&& (>= net45) (>= netstandard1.6))
      System.Globalization (>= 4.3) - restriction: || (&& (>= dnxcore50) (>= net45)) (&& (>= net45) (>= netstandard1.6))
      System.Resources.ResourceManager (>= 4.3) - restriction: || (&& (>= dnxcore50) (>= net45)) (&& (>= net45) (>= netstandard1.6))
      System.Runtime (>= 4.3) - restriction: || (&& (>= dnxcore50) (>= net45)) (&& (>= net45) (>= netcoreapp1.1)) (&& (>= net45) (>= netstandard1.6))
      System.Runtime.Extensions (>= 4.3) - restriction: || (&& (>= dnxcore50) (>= net45)) (&& (>= net45) (>= netstandard1.6))
      System.Threading (>= 4.3) - restriction: || (&& (>= dnxcore50) (>= net45)) (&& (>= net45) (>= netstandard1.6))
    System.Threading (4.3) - restriction: && (>= net45) (>= netstandard1.6)
    System.Threading.Tasks (4.3) - restriction: && (>= net45) (>= netstandard1.6)
    System.Threading.Tasks.Parallel (4.3) - restriction: && (>= net45) (>= netstandard1.6)
    System.Threading.Thread (4.3) - restriction: && (>= net45) (>= netstandard1.6)
    System.Threading.ThreadPool (4.3) - restriction: && (>= net45) (>= netstandard1.6)
    System.Threading.Timer (4.3) - restriction: && (>= net45) (>= netstandard1.6)
    Unquote (2.2.2)

GROUP Build
REDIRECTS: ON
RESTRICTION: >= net45
NUGET
  remote: https://www.nuget.org/api/v2
    FAKE (4.63.2)
    NuGet.CommandLine (4.3)
    Octokit (0.27)
GITHUB
  remote: fsharp/FAKE
    modules/Octokit/Octokit.fsx (e672bab0bef3a196e1c72a832b26521cf9428116)
      Octokit (>= 0.20)
GROUP Test
REDIRECTS: ON
RESTRICTION: >= net45
NUGET
  remote: https://www.nuget.org/api/v2
    FSharp.Core (4.1.18)
      System.Collections (>= 4.0.11) - restriction: && (>= net45) (>= netstandard1.6)
      System.Console (>= 4.0) - restriction: && (>= net45) (>= netstandard1.6)
      System.Diagnostics.Debug (>= 4.0.11) - restriction: && (>= net45) (>= netstandard1.6)
      System.Diagnostics.Tools (>= 4.0.1) - restriction: && (>= net45) (>= netstandard1.6)
      System.Globalization (>= 4.0.11) - restriction: && (>= net45) (>= netstandard1.6)
      System.IO (>= 4.1) - restriction: && (>= net45) (>= netstandard1.6)
      System.Linq (>= 4.1) - restriction: && (>= net45) (>= netstandard1.6)
      System.Linq.Expressions (>= 4.1) - restriction: && (>= net45) (>= netstandard1.6)
      System.Linq.Queryable (>= 4.0.1) - restriction: && (>= net45) (>= netstandard1.6)
      System.Net.Requests (>= 4.0.11) - restriction: && (>= net45) (>= netstandard1.6)
      System.Reflection (>= 4.1) - restriction: && (>= net45) (>= netstandard1.6)
      System.Reflection.Extensions (>= 4.0.1) - restriction: && (>= net45) (>= netstandard1.6)
      System.Resources.ResourceManager (>= 4.0.1) - restriction: && (>= net45) (>= netstandard1.6)
      System.Runtime (>= 4.1) - restriction: && (>= net45) (>= netstandard1.6)
      System.Runtime.Extensions (>= 4.1) - restriction: && (>= net45) (>= netstandard1.6)
      System.Runtime.Numerics (>= 4.0.1) - restriction: && (>= net45) (>= netstandard1.6)
      System.Text.RegularExpressions (>= 4.1) - restriction: && (>= net45) (>= netstandard1.6)
      System.Threading (>= 4.0.11) - restriction: && (>= net45) (>= netstandard1.6)
      System.Threading.Tasks (>= 4.0.11) - restriction: && (>= net45) (>= netstandard1.6)
      System.Threading.Tasks.Parallel (>= 4.0.1) - restriction: && (>= net45) (>= netstandard1.6)
      System.Threading.Thread (>= 4.0) - restriction: && (>= net45) (>= netstandard1.6)
      System.Threading.ThreadPool (>= 4.0.10) - restriction: && (>= net45) (>= netstandard1.6)
      System.Threading.Timer (>= 4.0.1) - restriction: && (>= net45) (>= netstandard1.6)
    FsUnit (1.3.0.1)
      NUnit (>= 2.6.3)
    NUnit (2.6.4)
    NUnit.Runners (2.6.4)
    System.Collections (4.3) - restriction: && (>= net45) (>= netstandard1.6)
    System.Console (4.3) - restriction: && (>= net45) (>= netstandard1.6)
    System.Diagnostics.Debug (4.3) - restriction: && (>= net45) (>= netstandard1.6)
    System.Diagnostics.Tools (4.3) - restriction: && (>= net45) (>= netstandard1.6)
    System.Globalization (4.3) - restriction: && (>= net45) (>= netstandard1.6)
    System.IO (4.3) - restriction: && (>= net45) (>= netstandard1.6)
    System.Linq (4.3) - restriction: && (>= net45) (>= netstandard1.6)
      System.Collections (>= 4.3) - restriction: || (&& (>= dnxcore50) (>= net45)) (&& (>= net45) (>= netstandard1.6))
      System.Diagnostics.Debug (>= 4.3) - restriction: || (&& (>= dnxcore50) (>= net45)) (&& (>= net45) (>= netstandard1.6))
      System.Resources.ResourceManager (>= 4.3) - restriction: || (&& (>= dnxcore50) (>= net45)) (&& (>= net45) (>= netstandard1.6))
      System.Runtime (>= 4.3) - restriction: || (&& (>= dnxcore50) (>= net45)) (&& (>= net45) (>= netstandard1.6))
      System.Runtime.Extensions (>= 4.3) - restriction: || (&& (>= dnxcore50) (>= net45)) (&& (>= net45) (>= netstandard1.6))
    System.Linq.Expressions (4.3) - restriction: && (>= net45) (>= netstandard1.6)
      System.Collections (>= 4.3) - restriction: || (&& (>= dnxcore50) (>= net45)) (&& (>= net45) (>= netstandard1.6))
      System.Diagnostics.Debug (>= 4.3) - restriction: || (&& (>= dnxcore50) (>= net45)) (&& (>= net45) (>= netstandard1.6))
      System.Globalization (>= 4.3) - restriction: || (&& (>= dnxcore50) (>= net45)) (&& (>= net45) (>= netstandard1.6))
      System.IO (>= 4.3) - restriction: || (&& (>= dnxcore50) (>= net45)) (&& (>= net45) (>= netstandard1.6))
      System.Linq (>= 4.3) - restriction: || (&& (>= dnxcore50) (>= net45)) (&& (>= net45) (>= netstandard1.6))
      System.ObjectModel (>= 4.3) - restriction: && (>= net45) (>= netstandard1.6)
      System.Reflection (>= 4.3) - restriction: || (&& (>= dnxcore50) (>= net45)) (&& (>= net45) (>= netstandard1.6))
      System.Reflection.Emit (>= 4.3) - restriction: && (>= net45) (>= netstandard1.6)
      System.Reflection.Emit.ILGeneration (>= 4.3) - restriction: || (&& (>= dnxcore50) (>= net45)) (&& (>= net45) (>= netstandard1.6))
      System.Reflection.Emit.Lightweight (>= 4.3) - restriction: || (&& (>= dnxcore50) (>= net45)) (&& (>= net45) (>= netstandard1.6))
      System.Reflection.Extensions (>= 4.3) - restriction: || (&& (>= dnxcore50) (>= net45)) (&& (>= net45) (>= netstandard1.6))
      System.Reflection.Primitives (>= 4.3) - restriction: || (&& (>= dnxcore50) (>= net45)) (&& (>= net45) (>= netstandard1.6))
      System.Reflection.TypeExtensions (>= 4.3) - restriction: || (&& (>= dnxcore50) (>= net45)) (&& (>= net45) (>= netstandard1.6))
      System.Resources.ResourceManager (>= 4.3) - restriction: || (&& (>= dnxcore50) (>= net45)) (&& (>= net45) (>= netstandard1.6))
      System.Runtime (>= 4.3) - restriction: || (&& (>= dnxcore50) (>= net45)) (&& (>= net45) (>= netstandard1.6))
      System.Runtime.Extensions (>= 4.3) - restriction: || (&& (>= dnxcore50) (>= net45)) (&& (>= net45) (>= netstandard1.6))
      System.Threading (>= 4.3) - restriction: || (&& (>= dnxcore50) (>= net45)) (&& (>= net45) (>= netstandard1.6))
    System.Linq.Queryable (4.3) - restriction: && (>= net45) (>= netstandard1.6)
    System.Net.Requests (4.3) - restriction: && (>= net45) (>= netstandard1.6)
    System.ObjectModel (4.3) - restriction: && (>= net45) (>= netstandard1.6)
    System.Reflection (4.3) - restriction: && (>= net45) (>= netstandard1.6)
    System.Reflection.Emit (4.3) - restriction: && (>= net45) (>= netstandard1.6)
    System.Reflection.Emit.ILGeneration (4.3) - restriction: && (>= net45) (>= netstandard1.6)
    System.Reflection.Emit.Lightweight (4.3) - restriction: && (>= net45) (>= netstandard1.6)
    System.Reflection.Extensions (4.3) - restriction: && (>= net45) (>= netstandard1.6)
    System.Reflection.Primitives (4.3) - restriction: && (>= net45) (>= netstandard1.6)
    System.Reflection.TypeExtensions (4.4) - restriction: && (>= net45) (>= netstandard1.6)
    System.Resources.ResourceManager (4.3) - restriction: && (>= net45) (>= netstandard1.6)
    System.Runtime (4.3) - restriction: || (&& (>= net45) (>= netcoreapp1.1)) (&& (>= net45) (>= netstandard1.6))
    System.Runtime.Extensions (4.3) - restriction: && (>= net45) (>= netstandard1.6)
    System.Runtime.Numerics (4.3) - restriction: && (>= net45) (>= netstandard1.6)
    System.Text.RegularExpressions (4.3) - restriction: && (>= net45) (>= netstandard1.6)
      System.Collections (>= 4.3) - restriction: || (&& (>= dnxcore50) (>= net45)) (&& (>= net45) (>= netstandard1.6))
      System.Globalization (>= 4.3) - restriction: || (&& (>= dnxcore50) (>= net45)) (&& (>= net45) (>= netstandard1.6))
      System.Resources.ResourceManager (>= 4.3) - restriction: || (&& (>= dnxcore50) (>= net45)) (&& (>= net45) (>= netstandard1.6))
      System.Runtime (>= 4.3) - restriction: || (&& (>= dnxcore50) (>= net45)) (&& (>= net45) (>= netcoreapp1.1)) (&& (>= net45) (>= netstandard1.6))
      System.Runtime.Extensions (>= 4.3) - restriction: || (&& (>= dnxcore50) (>= net45)) (&& (>= net45) (>= netstandard1.6))
      System.Threading (>= 4.3) - restriction: || (&& (>= dnxcore50) (>= net45)) (&& (>= net45) (>= netstandard1.6))
    System.Threading (4.3) - restriction: && (>= net45) (>= netstandard1.6)
    System.Threading.Tasks (4.3) - restriction: && (>= net45) (>= netstandard1.6)
    System.Threading.Tasks.Parallel (4.3) - restriction: && (>= net45) (>= netstandard1.6)
    System.Threading.Thread (4.3) - restriction: && (>= net45) (>= netstandard1.6)
    System.Threading.ThreadPool (4.3) - restriction: && (>= net45) (>= netstandard1.6)
    System.Threading.Timer (4.3) - restriction: && (>= net45) (>= netstandard1.6)
